GIT
  remote: git://github.com/clearsightstudio/ProMotion.git
  revision: 53c22b691f891b9f37ac4f85dd6bce85c7b9deb8
  branch: pm2
  specs:
    ProMotion (2.0.0)
      dbt (~> 1.1.4)
      methadone (~> 1.3)

GEM
  remote: https://rubygems.org/
  specs:
    activesupport (3.2.18)
      i18n (~> 0.6, >= 0.6.4)
      multi_json (~> 1.0)
    afmotion (2.1.4)
      motion-cocoapods (~> 1.4.0)
      motion-require (>= 0.1)
    awesome_print_motion (0.1.0)
    claide (0.5.0)
    cocoapods (0.32.1)
      activesupport (>= 3.2.15, < 4)
      claide (~> 0.5.0)
      cocoapods-core (= 0.32.1)
      cocoapods-downloader (~> 0.5.0)
      cocoapods-try (~> 0.2.0)
      colored (~> 1.2)
      escape (~> 0.0.4)
      json_pure (~> 1.8)
      nap (~> 0.7)
      open4 (~> 1.3)
      xcodeproj (~> 0.16.1)
    cocoapods-core (0.32.1)
      activesupport (>= 3.2.15, < 4)
      fuzzy_match (~> 2.0.4)
      json_pure (~> 1.8)
      nap (~> 0.5)
    cocoapods-downloader (0.5.0)
    cocoapods-try (0.2.0)
    colored (1.2)
    dbt (1.1.4)
    escape (0.0.4)
    fuzzy_match (2.0.4)
    i18n (0.6.9)
    json_pure (1.8.1)
    methadone (1.4.0)
      bundler
    motion-cocoapods (1.4.2)
      cocoapods (>= 0.32.1)
    motion-kit (0.9.4)
      dbt
    motion-redgreen (0.1.0)
    motion-require (0.2.0)
    motion-stump (0.3.2)
    multi_json (1.10.0)
    nap (0.7.0)
    open4 (1.3.4)
    rake (10.3.2)
    ruby_motion_query (0.5.7)
    sugarcube (1.6.1)
    sweet-kit (0.2.0)
      motion-kit
      sugarcube
    xcodeproj (0.16.1)
      activesupport (~> 3.0)
      colored (~> 1.2)

PLATFORMS
  ruby

DEPENDENCIES
  ProMotion!
  afmotion (~> 2.1.4)
  awesome_print_motion (~> 0.1)
  motion-kit (~> 0.9)
  motion-redgreen (~> 0.1)
  motion-stump (~> 0.3.2)
  rake
  ruby_motion_query (~> 0.5.7)
  sweet-kit (~> 0.2)
